GEM
  remote: http://rubygems.org/
  specs:
    activesupport (3.2.6)
      i18n (~> 0.6)
      multi_json (~> 1.0)
    bson (1.8.5)
    capistrano (2.14.2)
      highline
      net-scp (>= 1.0.0)
      net-sftp (>= 2.0.0)
      net-ssh (>= 2.0.14)
      net-ssh-gateway (>= 1.1.0)
    chronic (0.6.7)
    highline (1.6.15)
    i18n (0.6.0)
    mongo (1.8.5)
      bson (~> 1.8.5)
    multi_json (1.3.6)
    net-scp (1.1.0)
      net-ssh (>= 2.6.5)
    net-sftp (2.1.1)
      net-ssh (>= 2.6.5)
    net-ssh (2.6.5)
    net-ssh-gateway (1.2.0)
      net-ssh (>= 2.6.5)
    rake (0.9.2.2)
    sass (3.2.5)
    thor (0.14.6)
    whenever (0.7.3)
      activesupport (>= 2.3.4)
      chronic (~> 0.6.3)

PLATFORMS
  ruby

DEPENDENCIES
  activesupport (~> 3.2.6)
  capistrano (>= 2.14.0)
  mongo (~> 1.8.5)
  rake (~> 0.9.2.2)
  sass (~> 3.2.0)
  thor (~> 0.14)
  whenever (~> 0.7.3)
