GEM
  remote: http://rubygems.org/
  specs:
    activesupport (3.2.6)
      i18n (~> 0.6)
      multi_json (~> 1.0)
    bson (1.8.5)
    capistrano (3.4.0)
      i18n
      rake (>= 10.0.0)
      sshkit (~> 1.3)
    capistrano-bundler (1.1.3)
      capistrano (~> 3.1)
      sshkit (~> 1.2)
    chronic (0.6.7)
    colorize (0.7.7)
    i18n (0.7.0)
    mongo (1.8.5)
      bson (~> 1.8.5)
    multi_json (1.3.6)
    net-scp (1.2.1)
      net-ssh (>= 2.6.5)
    net-ssh (3.0.1)
    rake (10.4.2)
    redcarpet (2.3.0)
    sass (3.2.5)
    sshkit (1.7.1)
      colorize (>= 0.7.0)
      net-scp (>= 1.1.2)
      net-ssh (>= 2.8.0)
    thor (0.14.6)
    whenever (0.7.3)
      activesupport (>= 2.3.4)
      chronic (~> 0.6.3)

PLATFORMS
  ruby

DEPENDENCIES
  activesupport (~> 3.2.6)
  capistrano (~> 3.4.0)
  capistrano-bundler
  mongo (~> 1.8.5)
  redcarpet (~> 2.3.0)
  sass (~> 3.2.0)
  thor (~> 0.14)
  whenever (~> 0.7.3)
